{
  "AcquisitionMatrixPE": 96,
  "AcquisitionNumber": 1,
  "AcquisitionTime": "13:29:17.320000",
  "BandwidthPerPixelPhaseEncode": 18.939,
  "BaseResolution": 96,
  "BodyPartExamined": "BRAIN",
  "ConsistencyInfo": "N4_VE11C_LATEST_20160120",
  "ConversionSoftware": "dcm2niix",
  "ConversionSoftwareVersion": "v1.0.20170923 (OpenJPEG build) GCC6.3.0",
  "DerivedVendorReportedEchoSpacing": 0.000550011,
  "DeviceSerialNumber": "66112",
  "DwellTime": 2.3e-06,
  "EchoTime": 0.033,
  "EchoTrainLength": 96,
  "EffectiveEchoSpacing": 0.000550011,
  "FlipAngle": 64,
  "ImageType": [
    "ORIGINAL",
    "PRIMARY",
    "FMRI",
    "NONE",
    "ND",
    "NORM",
    "MOSAIC"
],
  "InstitutionAddress": "Maynard_3_Hanover_NH_US_03755",
  "InstitutionName": "Dartmouth_College_-_PBS",
  "MagneticFieldStrength": 3,
  "Manufacturer": "Siemens",
  "ManufacturersModelName": "Prisma",
  "Modality": "MR",
  "MultibandAccelerationFactor": 4,
  "PartialFourier": 1,
  "PercentPhaseFOV": 100,
  "PhaseEncodingDirection": "j-",
  "PhaseEncodingSteps": 96,
  "PhaseResolution": 1,
  "ProcedureStepDescription": "Gobbini_Matteo_1017_famface-angles",
  "ProtocolName": "func_run-10_task-fam1back",
  "PulseSequenceDetails": "%SiemensSeq%_ep2d_bold",
  "ReceiveCoilActiveElements": "HEA;HEP",
  "ReceiveCoilName": "Head_32",
  "ReconMatrixPE": 96,
  "RepetitionTime": 1.25,
  "ScanOptions": "FS",
  "ScanningSequence": "EP",
  "SequenceName": "_epfid2d1_96",
  "SequenceVariant": "SK",
  "SeriesDescription": "func_run-10_task-fam1back",
  "SliceTiming": [0.8775, 0, 0.615, 0.0875, 0.7025, 0.175, 0.79, 0.3525, 0.965, 0.44, 1.055, 0.5275, 1.1425, 0.2625, 0.8775, 0, 0.615, 0.0875, 0.7025, 0.175, 0.79, 0.3525, 0.965, 0.44, 1.055, 0.5275, 1.1425, 0.2625, 0.8775, 0, 0.615, 0.0875, 0.7025, 0.175, 0.79, 0.3525, 0.965, 0.44, 1.055, 0.5275, 1.1425, 0.2625, 0.8775, 0, 0.615, 0.0875, 0.7025, 0.175, 0.79, 0.3525, 0.965, 0.44, 1.055, 0.5275, 1.1425, 0.2625],
  "SoftwareVersions": "syngo_MR_E11",
  "StationName": "AWP66112",
  "TaskName": "fam1back",
  "TotalReadoutTime": 0.0522511,
  "dcmmeta_affine": [
    [-2.4997382164001465, 0.013961199671030045, 0.03338341787457466, 122.54183959960938],
    [0.020335182547569275, 2.449777126312256, 0.49817562103271484, -101.97747802734375],
    [0.0299307219684124, -0.4983949661254883, 2.449633836746216, -47.9638786315918],
    [0.0, 0.0, 0.0, 1.0]
],
  "dcmmeta_reorient_transform": [
    [0.0, -1.0, 0.0, 95.0],
    [1.0, 0.0, 0.0, 0.0],
    [0.0, 0.0, 1.0, 0.0],
    [0.0, 0.0, 0.0, 1.0]
],
  "dcmmeta_shape": [96, 96, 56, 280],
  "dcmmeta_slice_dim": 2,
  "dcmmeta_version": 0.6,
  "global": {
    "const": {
      "AccessionNumber": "A000285",
      "AcquisitionMatrix": [96, 0, 0, 96],
      "AngioFlag": "N",
      "BitsAllocated": 16,
      "BitsStored": 12,
      "BodyPartExamined": "BRAIN",
      "Columns": 768,
      "EchoNumbers": 1,
      "EchoTime": 33.0,
      "EchoTrainLength": 96,
      "FlipAngle": 64.0,
      "HighBit": 11,
      "ImageOrientationPatient": [0.99989524509127, -0.0081340732149, 0.01197228870331, 0.00558447988446, 0.979910814741, 0.19935799140756],
      "ImagePositionPatient": [-968.47112610083, -947.043802053, -272.82883587421],
      "ImageType": [
        "ORIGINAL",
        "PRIMARY",
        "FMRI",
        "NONE",
        "ND",
        "NORM",
        "MOSAIC"
],
      "ImagedNucleus": "1H",
      "ImagingFrequency": 123.252361,
      "InPlanePhaseEncodingDirection": "COL",
      "MRAcquisitionType": "2D",
      "MagneticFieldStrength": 3.0,
      "Manufacturer": "SIEMENS",
      "ManufacturerModelName": "Prisma",
      "Modality": "MR",
      "NumberOfAverages": 1.0,
      "NumberOfPhaseEncodingSteps": 96,
      "PercentPhaseFieldOfView": 100.0,
      "PercentSampling": 100.0,
      "PerformedProcedureStepStartTime": "120812.665000",
      "PhotometricInterpretation": "MONOCHROME2",
      "PixelBandwidth": 2265.0,
      "PixelRepresentation": 0,
      "PixelSpacing": [2.5, 2.5],
      "PositionReferenceIndicator": "",
      "ProtocolName": "func_run-10_task-fam1back",
      "RepetitionTime": 1250.0,
      "Rows": 768,
      "SAR": 0.05808462306814,
      "SamplesPerPixel": 1,
      "ScanOptions": "FS",
      "ScanningSequence": "EP",
      "SequenceName": "*epfid2d1_96",
      "SequenceVariant": "SK",
      "SeriesDescription": "func_run-10_task-fam1back",
      "SeriesNumber": 71,
      "SeriesTime": "132919.225000",
      "SliceLocation": -65.682309000434,
      "SliceThickness": 2.5,
      "SmallestImagePixelValue": 0,
      "SoftwareVersions": "syngo MR E11",
      "SpacingBetweenSlices": 2.4999999533031,
      "SpecificCharacterSet": "ISO_IR 100",
      "StudyID": "3",
      "StudyTime": "120812.577000",
      "TransmitCoilName": "Body",
      "VariableFlipAngleFlag": "N",
      "WindowCenterWidthExplanation": "Algo1",
      "dBdt": 0.0},
