{
  "AcquisitionMatrixPE": 96,
  "AcquisitionNumber": 1,
  "AcquisitionTime": "17:34:18.085000",
  "BandwidthPerPixelPhaseEncode": 18.939,
  "BaseResolution": 96,
  "BodyPartExamined": "BRAIN",
  "ConsistencyInfo": "N4_VE11C_LATEST_20160120",
  "ConversionSoftware": "dcm2niix",
  "ConversionSoftwareVersion": "v1.0.20170923 (OpenJPEG build) GCC6.3.0",
  "DerivedVendorReportedEchoSpacing": 0.000550011,
  "DeviceSerialNumber": "66112",
  "DwellTime": 2.3e-06,
  "EchoTime": 0.033,
  "EchoTrainLength": 96,
  "EffectiveEchoSpacing": 0.000550011,
  "FlipAngle": 64,
  "ImageType": [
    "ORIGINAL",
    "PRIMARY",
    "FMRI",
    "NONE",
    "ND",
    "NORM",
    "MOSAIC"
],
  "InstitutionAddress": "Maynard_3_Hanover_NH_US_03755",
  "InstitutionName": "Dartmouth_College_-_PBS",
  "MagneticFieldStrength": 3,
  "Manufacturer": "Siemens",
  "ManufacturersModelName": "Prisma",
  "Modality": "MR",
  "MultibandAccelerationFactor": 4,
  "PartialFourier": 1,
  "PercentPhaseFOV": 100,
  "PhaseEncodingDirection": "j-",
  "PhaseEncodingSteps": 96,
  "PhaseResolution": 1,
  "ProcedureStepDescription": "Gobbini_Matteo_1017_famface-angles",
  "ProtocolName": "func_run-04_task-fam1back",
  "PulseSequenceDetails": "%SiemensSeq%_ep2d_bold",
  "ReceiveCoilActiveElements": "HEA;HEP",
  "ReceiveCoilName": "Head_32",
  "ReconMatrixPE": 96,
  "RepetitionTime": 1.25,
  "ScanOptions": "FS",
  "ScanningSequence": "EP",
  "SequenceName": "_epfid2d1_96",
  "SequenceVariant": "SK",
  "SeriesDescription": "func_run-04_task-fam1back",
  "SliceTiming": [0.88, 0, 0.615, 0.0875, 0.7025, 0.1775, 0.7925, 0.3525, 0.9675, 0.44, 1.055, 0.5275, 1.1425, 0.265, 0.88, 0, 0.615, 0.0875, 0.7025, 0.1775, 0.7925, 0.3525, 0.9675, 0.44, 1.055, 0.5275, 1.1425, 0.265, 0.88, 0, 0.615, 0.0875, 0.7025, 0.1775, 0.7925, 0.3525, 0.9675, 0.44, 1.055, 0.5275, 1.1425, 0.265, 0.88, 0, 0.615, 0.0875, 0.7025, 0.1775, 0.7925, 0.3525, 0.9675, 0.44, 1.055, 0.5275, 1.1425, 0.265],
  "SoftwareVersions": "syngo_MR_E11",
  "StationName": "AWP66112",
  "TaskName": "fam1back",
  "TotalReadoutTime": 0.0522511,
  "dcmmeta_affine": [
    [-2.4995944499969482, -0.04275773838162422, -0.014108624309301376, 124.7601318359375],
    [-0.0443987213075161, 2.470911741256714, 0.3776552081108093, -94.64942932128906],
    [-0.007485393900424242, -0.37784454226493835, 2.4712703227996826, -55.4096565246582],
    [0.0, 0.0, 0.0, 1.0]
],
  "dcmmeta_reorient_transform": [
    [0.0, -1.0, 0.0, 95.0],
    [1.0, 0.0, 0.0, 0.0],
    [0.0, 0.0, 1.0, 0.0],
    [0.0, 0.0, 0.0, 1.0]
],
  "dcmmeta_shape": [96, 96, 56, 280],
  "dcmmeta_slice_dim": 2,
  "dcmmeta_version": 0.6,
  "global": {
    "const": {
      "AccessionNumber": "A000295",
      "AcquisitionMatrix": [96, 0, 0, 96],
      "AngioFlag": "N",
      "BitsAllocated": 16,
      "BitsStored": 12,
      "BodyPartExamined": "BRAIN",
      "Columns": 768,
      "EchoNumbers": 1,
      "EchoTime": 33.0,
      "EchoTrainLength": 96,
      "FlipAngle": 64.0,
      "HighBit": 11,
      "ImageOrientationPatient": [0.99983780463524, 0.01775948880109, -0.002994157597, -0.0171030960153, 0.98836473294099, 0.15113781388247],
      "ImagePositionPatient": [-946.19530356674, -985.23154016488, -215.74555895985],
      "ImageType": [
        "ORIGINAL",
        "PRIMARY",
        "FMRI",
        "NONE",
        "ND",
        "NORM",
        "MOSAIC"
],
      "ImagedNucleus": "1H",
      "ImagingFrequency": 123.25237,
      "InPlanePhaseEncodingDirection": "COL",
      "MRAcquisitionType": "2D",
      "MagneticFieldStrength": 3.0,
      "Manufacturer": "SIEMENS",
      "ManufacturerModelName": "Prisma",
      "Modality": "MR",
      "NumberOfAverages": 1.0,
      "NumberOfPhaseEncodingSteps": 96,
      "PercentPhaseFieldOfView": 100.0,
      "PercentSampling": 100.0,
      "PerformedProcedureStepStartTime": "165333.439000",
      "PhotometricInterpretation": "MONOCHROME2",
      "PixelBandwidth": 2265.0,
      "PixelRepresentation": 0,
      "PixelSpacing": [2.5, 2.5],
      "PositionReferenceIndicator": "",
      "ProtocolName": "func_run-04_task-fam1back",
      "RepetitionTime": 1250.0,
      "Rows": 768,
      "SAR": 0.05259224264587,
      "SamplesPerPixel": 1,
      "ScanOptions": "FS",
      "ScanningSequence": "EP",
      "SequenceName": "*epfid2d1_96",
      "SequenceVariant": "SK",
      "SeriesDescription": "func_run-04_task-fam1back",
      "SeriesNumber": 29,
      "SeriesTime": "173419.374000",
      "SliceLocation": -69.774916748694,
      "SliceThickness": 2.5,
      "SmallestImagePixelValue": 0,
      "SoftwareVersions": "syngo MR E11",
      "SpacingBetweenSlices": 2.4999999103724,
      "SpecificCharacterSet": "ISO_IR 100",
      "StudyID": "4",
      "StudyTime": "165333.388000",
      "TransmitCoilName": "Body",
      "VariableFlipAngleFlag": "N",
      "WindowCenterWidthExplanation": "Algo1",
      "dBdt": 0.0},
