{
  "EchoTime1": 0.00492, 
  "EchoTime2": 0.00738, 
  "dcmmeta_affine": [
    [
      -2.5, 
      -1.2242500416204116e-11, 
      1.000444171950221e-11, 
      120.0
    ], 
    [
      -1.2242500416204116e-11, 
      2.5, 
      0.0, 
      -102.13999938964844
    ], 
    [
      6.0574999877216484e-12, 
      -7.859999977266607e-12, 
      2.5, 
      -84.75
    ], 
    [
      0.0, 
      0.0, 
      0.0, 
      1.0
    ]
  ], 
  "ConsistencyInfo": "N4_VE11C_LATEST_20160120", 
  "ProcedureStepDescription": "Gobbini_Matteo_1017_famface-angles", 
  "DeviceSerialNumber": "66112", 
  "AcquisitionMatrixPE": 96, 
  "dcmmeta_reorient_transform": [
    [
      0.0, 
      -1.0, 
      0.0, 
      95.0
    ], 
    [
      1.0, 
      0.0, 
      0.0, 
      0.0
    ], 
    [
      0.0, 
      0.0, 
      -1.0, 
      55.0
    ], 
    [
      0.0, 
      0.0, 
      0.0, 
      1.0
    ]
  ], 
  "ManufacturersModelName": "Prisma", 
  "ProtocolName": "fmap_acq-2.5mm", 
  "PhaseEncodingDirection": "i", 
  "RepetitionTime": 0.675, 
  "MagneticFieldStrength": 3, 
  "PhaseEncodingSteps": 96, 
  "AcquisitionNumber": 1, 
  "InstitutionName": "Dartmouth_College_-_PBS", 
  "DwellTime": 8.8e-06, 
  "BodyPartExamined": "BRAIN", 
  "dcmmeta_slice_dim": 2, 
  "ReceiveCoilActiveElements": "HEA;HEP", 
  "SeriesDescription": "fmap_acq-2.5mm", 
  "ConversionSoftware": "dcm2niix", 
  "ScanningSequence": "GR", 
  "Manufacturer": "Siemens", 
  "PercentPhaseFOV": 100, 
  "global": {
    "const": {
      "AccessionNumber": "A000642", 
      "WindowCenterWidthExplanation": "Algo1", 
      "Rows": 96, 
      "SeriesNumber": 7, 
      "VariableFlipAngleFlag": "N", 
      "SeriesTime": "131219.793000", 
      "NumberOfAverages": 1.0, 
      "PhotometricInterpretation": "MONOCHROME2", 
      "AcquisitionMatrix": [
        0, 
        96, 
        96, 
        0
      ], 
      "PositionReferenceIndicator": "", 
      "PercentPhaseFieldOfView": 100.0, 
      "RescaleType": "US", 
      "TransmitCoilName": "Body", 
      "Columns": 96, 
      "PixelSpacing": [
        2.5, 
        2.5
      ], 
      "RepetitionTime": 675.0, 
      "BodyPartExamined": "BRAIN", 
      "SpecificCharacterSet": "ISO_IR 100", 
      "EchoNumbers": 2, 
      "ImagedNucleus": "1H", 
      "MRAcquisitionType": "2D", 
      "ImageOrientationPatient": [
        1.0, 
        4.897e-12, 
        2.423e-12, 
        -4.897e-12, 
        1.0, 
        3.144e-12
      ], 
      "HighBit": 11, 
      "AcquisitionNumber": 1, 
      "RescaleSlope": 2.0, 
      "StudyTime": "125927.189000", 
      "EchoTrainLength": 0, 
      "SoftwareVersions": "syngo MR E11", 
      "BitsStored": 12, 
      "SAR": 0.12827390234942, 
      "AngioFlag": "N", 
      "PixelBandwidth": 590.0, 
      "ScanningSequence": "GR", 
      "Manufacturer": "SIEMENS", 
      "FlipAngle": 60.0, 
      "SamplesPerPixel": 1, 
      "SeriesDescription": "fmap_acq-2.5mm", 
      "SequenceName": "*fm2d2r", 
      "MagneticFieldStrength": 3.0, 
      "PercentSampling": 100.0, 
      "SpacingBetweenSlices": 2.5, 
      "dBdt": 0.0, 
      "ImageType": [
        "ORIGINAL", 
        "PRIMARY", 
        "P", 
        "ND"
      ], 
      "EchoTime": 7.38, 
      "SequenceVariant": "SP", 
      "BitsAllocated": 16, 
      "PerformedProcedureStepStartTime": "125927.241000", 
      "ImagingFrequency": 123.252305, 
      "RescaleIntercept": -4096.0, 
      "NumberOfPhaseEncodingSteps": 96, 
      "ProtocolName": "fmap_acq-2.5mm", 
      "InPlanePhaseEncodingDirection": "ROW", 
      "StudyID": "2", 
      "ManufacturerModelName": "Prisma", 
      "PixelRepresentation": 0, 
      "Modality": "MR", 
      "SliceThickness": 2.5
    }, 
