{
  "AcquisitionMatrixPE": 96,
  "AcquisitionNumber": 1,
  "AcquisitionTime": "15:02:42.732500",
  "BandwidthPerPixelPhaseEncode": 18.939,
  "BaseResolution": 96,
  "BodyPartExamined": "BRAIN",
  "ConsistencyInfo": "N4_VE11C_LATEST_20160120",
  "ConversionSoftware": "dcm2niix",
  "ConversionSoftwareVersion": "v1.0.20170923 (OpenJPEG build) GCC6.3.0",
  "DerivedVendorReportedEchoSpacing": 0.000550011,
  "DeviceSerialNumber": "66112",
  "DwellTime": 2.3e-06,
  "EchoTime": 0.033,
  "EchoTrainLength": 96,
  "EffectiveEchoSpacing": 0.000550011,
  "FlipAngle": 64,
  "ImageType": [
    "ORIGINAL",
    "PRIMARY",
    "FMRI",
    "NONE",
    "ND",
    "NORM",
    "MOSAIC"
],
  "InstitutionAddress": "Maynard_3_Hanover_NH_US_03755",
  "InstitutionName": "Dartmouth_College_-_PBS",
  "MagneticFieldStrength": 3,
  "Manufacturer": "Siemens",
  "ManufacturersModelName": "Prisma",
  "Modality": "MR",
  "MultibandAccelerationFactor": 4,
  "PartialFourier": 1,
  "PercentPhaseFOV": 100,
  "PhaseEncodingDirection": "j-",
  "PhaseEncodingSteps": 96,
  "PhaseResolution": 1,
  "ProcedureStepDescription": "Gobbini_Matteo_1017_famface-angles",
  "ProtocolName": "func_run-08_task-fam1back",
  "PulseSequenceDetails": "%SiemensSeq%_ep2d_bold",
  "ReceiveCoilActiveElements": "HEA;HEP",
  "ReceiveCoilName": "Head_32",
  "ReconMatrixPE": 96,
  "RepetitionTime": 1.25,
  "ScanOptions": "FS",
  "ScanningSequence": "EP",
  "SequenceName": "_epfid2d1_96",
  "SequenceVariant": "SK",
  "SeriesDescription": "func_run-08_task-fam1back",
  "SliceTiming": [0.8775, 0, 0.6125, 0.0875, 0.7025, 0.175, 0.79, 0.35, 0.965, 0.4375, 1.0525, 0.525, 1.14, 0.2625, 0.8775, 0, 0.6125, 0.0875, 0.7025, 0.175, 0.79, 0.35, 0.965, 0.4375, 1.0525, 0.525, 1.14, 0.2625, 0.8775, 0, 0.6125, 0.0875, 0.7025, 0.175, 0.79, 0.35, 0.965, 0.4375, 1.0525, 0.525, 1.14, 0.2625, 0.8775, 0, 0.6125, 0.0875, 0.7025, 0.175, 0.79, 0.35, 0.965, 0.4375, 1.0525, 0.525, 1.14, 0.2625],
  "SoftwareVersions": "syngo_MR_E11",
  "StationName": "AWP66112",
  "TaskName": "fam1back",
  "TotalReadoutTime": 0.0522511,
  "dcmmeta_affine": [
    [-2.492396354675293, -0.05438418686389923, 0.18709082901477814, 122.53514099121094],
    [-0.035028863698244095, 2.4865949153900146, 0.2561623454093933, -109.8663330078125],
    [0.1916600912809372, -0.2527617812156677, 2.4797940254211426, -72.05079650878906],
    [0.0, 0.0, 0.0, 1.0]
],
  "dcmmeta_reorient_transform": [
    [0.0, -1.0, 0.0, 95.0],
    [1.0, 0.0, 0.0, 0.0],
    [0.0, 0.0, 1.0, 0.0],
    [0.0, 0.0, 0.0, 1.0]
],
  "dcmmeta_shape": [96, 96, 56, 280],
  "dcmmeta_slice_dim": 2,
  "dcmmeta_version": 0.6,
  "global": {
    "const": {
      "AccessionNumber": "A000257",
      "AcquisitionMatrix": [96, 0, 0, 96],
      "AngioFlag": "N",
      "BitsAllocated": 16,
      "BitsStored": 12,
      "BodyPartExamined": "BRAIN",
      "Columns": 768,
      "EchoNumbers": 1,
      "EchoTime": 33.0,
      "EchoTrainLength": 96,
      "FlipAngle": 64.0,
      "HighBit": 11,
      "ImageOrientationPatient": [0.99695852557906, 0.01401154592731, 0.07666403887059, -0.0217536742724, 0.99463793100553, 0.10110471730189],
      "ImagePositionPatient": [-936.54071648327, -973.62573296295, -245.38892480986],
      "ImageType": [
        "ORIGINAL",
        "PRIMARY",
        "FMRI",
        "NONE",
        "ND",
        "NORM",
        "MOSAIC"
],
      "ImagedNucleus": "1H",
      "ImagingFrequency": 123.252482,
      "InPlanePhaseEncodingDirection": "COL",
      "MRAcquisitionType": "2D",
      "MagneticFieldStrength": 3.0,
      "Manufacturer": "SIEMENS",
      "ManufacturerModelName": "Prisma",
      "Modality": "MR",
      "NumberOfAverages": 1.0,
      "NumberOfPhaseEncodingSteps": 96,
      "PercentPhaseFieldOfView": 100.0,
      "PercentSampling": 100.0,
      "PerformedProcedureStepStartTime": "135620.771000",
      "PhotometricInterpretation": "MONOCHROME2",
      "PixelBandwidth": 2265.0,
      "PixelRepresentation": 0,
      "PixelSpacing": [2.5, 2.5],
      "PositionReferenceIndicator": "",
      "ProtocolName": "func_run-08_task-fam1back",
      "RepetitionTime": 1250.0,
      "Rows": 768,
      "SAR": 0.05811172788279,
      "SamplesPerPixel": 1,
      "ScanOptions": "FS",
      "ScanningSequence": "EP",
      "SequenceName": "*epfid2d1_96",
      "SequenceVariant": "SK",
      "SeriesDescription": "func_run-08_task-fam1back",
      "SeriesNumber": 57,
      "SeriesTime": "150244.496000",
      "SliceLocation": -73.555820697713,
      "SliceThickness": 2.5,
      "SmallestImagePixelValue": 0,
      "SoftwareVersions": "syngo MR E11",
      "SpacingBetweenSlices": 2.5000000429934,
      "SpecificCharacterSet": "ISO_IR 100",
      "StudyID": "1",
      "StudyTime": "135620.665000",
      "TransmitCoilName": "Body",
      "VariableFlipAngleFlag": "N",
      "WindowCenterWidthExplanation": "Algo1",
      "dBdt": 0.0},
