{
  "AcquisitionMatrixPE": 96,
  "AcquisitionNumber": 1,
  "AcquisitionTime": "18:04:38.325000",
  "BandwidthPerPixelPhaseEncode": 18.939,
  "BaseResolution": 96,
  "BodyPartExamined": "BRAIN",
  "ConsistencyInfo": "N4_VE11C_LATEST_20160120",
  "ConversionSoftware": "dcm2niix",
  "ConversionSoftwareVersion": "v1.0.20170923 (OpenJPEG build) GCC6.3.0",
  "DerivedVendorReportedEchoSpacing": 0.000550011,
  "DeviceSerialNumber": "66112",
  "DwellTime": 2.3e-06,
  "EchoTime": 0.033,
  "EchoTrainLength": 96,
  "EffectiveEchoSpacing": 0.000550011,
  "FlipAngle": 64,
  "ImageType": [
    "ORIGINAL",
    "PRIMARY",
    "FMRI",
    "NONE",
    "ND",
    "NORM",
    "MOSAIC"
],
  "InstitutionAddress": "Maynard_3_Hanover_NH_US_03755",
  "InstitutionName": "Dartmouth_College_-_PBS",
  "MagneticFieldStrength": 3,
  "Manufacturer": "Siemens",
  "ManufacturersModelName": "Prisma",
  "Modality": "MR",
  "MultibandAccelerationFactor": 4,
  "PartialFourier": 1,
  "PercentPhaseFOV": 100,
  "PhaseEncodingDirection": "j-",
  "PhaseEncodingSteps": 96,
  "PhaseResolution": 1,
  "ProcedureStepDescription": "Gobbini_Matteo_1017_famface-angles",
  "ProtocolName": "func_run-01_task-fam1back",
  "PulseSequenceDetails": "%SiemensSeq%_ep2d_bold",
  "ReceiveCoilActiveElements": "HEA;HEP",
  "ReceiveCoilName": "Head_32",
  "ReconMatrixPE": 96,
  "RepetitionTime": 1.25,
  "ScanOptions": "FS",
  "ScanningSequence": "EP",
  "SequenceName": "_epfid2d1_96",
  "SequenceVariant": "SK",
  "SeriesDescription": "func_run-01_task-fam1back",
  "SliceTiming": [0.8775, 0, 0.615, 0.0875, 0.7025, 0.175, 0.79, 0.3525, 0.9675, 0.44, 1.055, 0.5275, 1.1425, 0.2625, 0.8775, 0, 0.615, 0.0875, 0.7025, 0.175, 0.79, 0.3525, 0.9675, 0.44, 1.055, 0.5275, 1.1425, 0.2625, 0.8775, 0, 0.615, 0.0875, 0.7025, 0.175, 0.79, 0.3525, 0.9675, 0.44, 1.055, 0.5275, 1.1425, 0.2625, 0.8775, 0, 0.615, 0.0875, 0.7025, 0.175, 0.79, 0.3525, 0.9675, 0.44, 1.055, 0.5275, 1.1425, 0.2625],
  "SoftwareVersions": "syngo_MR_E11",
  "StationName": "AWP66112",
  "TaskName": "fam1back",
  "TotalReadoutTime": 0.0522511,
  "dcmmeta_affine": [
    [-2.498976230621338, 0.035767022520303726, -0.06195845082402229, 122.24299621582031],
    [0.036482613533735275, 2.4995710849761963, -0.02851857990026474, -111.58646392822266],
    [-0.06153981015086174, 0.029411062598228455, 2.4990694522857666, -66.34745025634766],
    [0.0, 0.0, 0.0, 1.0]
],
  "dcmmeta_reorient_transform": [
    [0.0, -1.0, 0.0, 95.0],
    [1.0, 0.0, 0.0, 0.0],
    [0.0, 0.0, 1.0, 0.0],
    [0.0, 0.0, 0.0, 1.0]
],
  "dcmmeta_shape": [96, 96, 56, 280],
  "dcmmeta_slice_dim": 2,
  "dcmmeta_version": 0.6,
  "global": {
    "const": {
      "AccessionNumber": "A000604",
      "AcquisitionMatrix": [96, 0, 0, 96],
      "AngioFlag": "N",
      "BitsAllocated": 16,
      "BitsStored": 12,
      "BodyPartExamined": "BRAIN",
      "Columns": 768,
      "EchoNumbers": 1,
      "EchoTime": 33.0,
      "EchoTrainLength": 96,
      "FlipAngle": 64.0,
      "HighBit": 11,
      "ImageOrientationPatient": [0.99959046579317, -0.0145930451392, -0.0246159242963, 0.01430680852559, 0.99982844205438, -0.0117644247169],
      "ImagePositionPatient": [-977.3145707926, -953.47052611688, -32.993909441968],
      "ImageType": [
        "ORIGINAL",
        "PRIMARY",
        "FMRI",
        "NONE",
        "ND",
        "NORM",
        "MOSAIC"
],
      "ImagedNucleus": "1H",
      "ImagingFrequency": 123.252356,
      "InPlanePhaseEncodingDirection": "COL",
      "MRAcquisitionType": "2D",
      "MagneticFieldStrength": 3.0,
      "Manufacturer": "SIEMENS",
      "ManufacturerModelName": "Prisma",
      "Modality": "MR",
      "NumberOfAverages": 1.0,
      "NumberOfPhaseEncodingSteps": 96,
      "PercentPhaseFieldOfView": 100.0,
      "PercentSampling": 100.0,
      "PerformedProcedureStepStartTime": "175429.251000",
      "PhotometricInterpretation": "MONOCHROME2",
      "PixelBandwidth": 2265.0,
      "PixelRepresentation": 0,
      "PixelSpacing": [2.5, 2.5],
      "PositionReferenceIndicator": "",
      "ProtocolName": "func_run-01_task-fam1back",
      "RepetitionTime": 1250.0,
      "Rows": 768,
      "SAR": 0.04876079892454,
      "SamplesPerPixel": 1,
      "ScanOptions": "FS",
      "ScanningSequence": "EP",
      "SequenceName": "*epfid2d1_96",
      "SequenceVariant": "SK",
      "SeriesDescription": "func_run-01_task-fam1back",
      "SeriesNumber": 8,
      "SeriesTime": "180439.796000",
      "SliceLocation": -68.079435812736,
      "SliceThickness": 2.5,
      "SmallestImagePixelValue": 0,
      "SoftwareVersions": "syngo MR E11",
      "SpacingBetweenSlices": 2.5000000961071,
      "SpecificCharacterSet": "ISO_IR 100",
      "StudyID": "1",
      "StudyTime": "175429.196000",
      "TransmitCoilName": "Body",
      "VariableFlipAngleFlag": "N",
      "WindowCenterWidthExplanation": "Algo1",
      "dBdt": 0.0},
