{
  "EchoTime1": 0.00492, 
  "EchoTime2": 0.00738, 
  "dcmmeta_affine": [
    [
      -2.49977445602417, 
      0.020942553877830505, 
      0.026242733001708984, 
      122.82202911376953
    ], 
    [
      0.022297492250800133, 
      2.496427059173584, 
      0.13173675537109375, 
      -109.03820037841797
    ], 
    [
      0.0251016765832901, 
      -0.13195934891700745, 
      2.4963836669921875, 
      -65.2188720703125
    ], 
    [
      0.0, 
      0.0, 
      0.0, 
      1.0
    ]
  ], 
  "ConsistencyInfo": "N4_VE11C_LATEST_20160120", 
  "ProcedureStepDescription": "Gobbini_Matteo_1017_famface-angles", 
  "DeviceSerialNumber": "66112", 
  "AcquisitionMatrixPE": 96, 
  "dcmmeta_reorient_transform": [
    [
      0.0, 
      -1.0, 
      0.0, 
      95.0
    ], 
    [
      1.0, 
      0.0, 
      0.0, 
      0.0
    ], 
    [
      0.0, 
      0.0, 
      -1.0, 
      55.0
    ], 
    [
      0.0, 
      0.0, 
      0.0, 
      1.0
    ]
  ], 
  "ManufacturersModelName": "Prisma", 
  "ProtocolName": "fmap_acq-2.5mm", 
  "PhaseEncodingDirection": "i", 
  "RepetitionTime": 0.675, 
  "MagneticFieldStrength": 3, 
  "PhaseEncodingSteps": 96, 
  "AcquisitionNumber": 1, 
  "InstitutionName": "Dartmouth_College_-_PBS", 
  "DwellTime": 8.8e-06, 
  "BodyPartExamined": "BRAIN", 
  "dcmmeta_slice_dim": 2, 
  "ReceiveCoilActiveElements": "HEA;HEP", 
  "SeriesDescription": "fmap_acq-2.5mm", 
  "ConversionSoftware": "dcm2niix", 
  "ScanningSequence": "GR", 
  "Manufacturer": "Siemens", 
  "PercentPhaseFOV": 100, 
  "global": {
    "const": {
      "AccessionNumber": "A000458", 
      "WindowCenterWidthExplanation": "Algo1", 
      "Rows": 96, 
      "SeriesNumber": 7, 
      "VariableFlipAngleFlag": "N", 
      "SeriesTime": "171048.951000", 
      "NumberOfAverages": 1.0, 
      "PhotometricInterpretation": "MONOCHROME2", 
      "AcquisitionMatrix": [
        0, 
        96, 
        96, 
        0
      ], 
      "PositionReferenceIndicator": "", 
      "PercentPhaseFieldOfView": 100.0, 
      "RescaleType": "US", 
      "TransmitCoilName": "Body", 
      "Columns": 96, 
      "PixelSpacing": [
        2.5, 
        2.5
      ], 
      "RepetitionTime": 675.0, 
      "BodyPartExamined": "BRAIN", 
      "SpecificCharacterSet": "ISO_IR 100", 
      "EchoNumbers": 2, 
      "ImagedNucleus": "1H", 
      "MRAcquisitionType": "2D", 
      "ImageOrientationPatient": [
        0.99990981415028, 
        -0.0089189967182, 
        0.01004067047003, 
        0.0083770213027, 
        0.9985708298828, 
        0.05278374012199
      ], 
      "HighBit": 11, 
      "AcquisitionNumber": 1, 
      "RescaleSlope": 2.0, 
      "StudyTime": "165342.781000", 
      "EchoTrainLength": 0, 
      "SoftwareVersions": "syngo MR E11", 
      "BitsStored": 12, 
      "SAR": 0.08758198067863, 
      "AngioFlag": "N", 
      "PixelBandwidth": 590.0, 
      "ScanningSequence": "GR", 
      "Manufacturer": "SIEMENS", 
      "FlipAngle": 60.0, 
      "SamplesPerPixel": 1, 
      "SeriesDescription": "fmap_acq-2.5mm", 
      "SequenceName": "*fm2d2r", 
      "MagneticFieldStrength": 3.0, 
      "PercentSampling": 100.0, 
      "SpacingBetweenSlices": 2.5, 
      "dBdt": 0.0, 
      "ImageType": [
        "ORIGINAL", 
        "PRIMARY", 
        "P", 
        "ND"
      ], 
      "EchoTime": 7.38, 
      "SequenceVariant": "SP", 
      "BitsAllocated": 16, 
      "PerformedProcedureStepStartTime": "165342.841000", 
      "ImagingFrequency": 123.252371, 
      "RescaleIntercept": -4096.0, 
      "NumberOfPhaseEncodingSteps": 96, 
      "ProtocolName": "fmap_acq-2.5mm", 
      "InPlanePhaseEncodingDirection": "ROW", 
      "StudyID": "2", 
      "ManufacturerModelName": "Prisma", 
      "PixelRepresentation": 0, 
      "Modality": "MR", 
      "SliceThickness": 2.5
    }, 
