{
  "EchoTime1": 0.00492, 
  "EchoTime2": 0.00738, 
  "dcmmeta_affine": [
    [
      -2.499941825866699, 
      0.008290152065455914, 
      -0.014884471893310547, 
      123.82583618164062
    ], 
    [
      0.009952154010534286, 
      2.4832870960235596, 
      -0.2884206771850586, 
      -86.02308654785156
    ], 
    [
      -0.01382849458605051, 
      0.28847360610961914, 
      2.4832611083984375, 
      -81.70015716552734
    ], 
    [
      0.0, 
      0.0, 
      0.0, 
      1.0
    ]
  ], 
  "ConsistencyInfo": "N4_VE11C_LATEST_20160120", 
  "ProcedureStepDescription": "Gobbini_Matteo_1017_famface-angles", 
  "DeviceSerialNumber": "66112", 
  "AcquisitionMatrixPE": 96, 
  "dcmmeta_reorient_transform": [
    [
      0.0, 
      -1.0, 
      0.0, 
      95.0
    ], 
    [
      1.0, 
      0.0, 
      0.0, 
      0.0
    ], 
    [
      0.0, 
      0.0, 
      -1.0, 
      55.0
    ], 
    [
      0.0, 
      0.0, 
      0.0, 
      1.0
    ]
  ], 
  "ManufacturersModelName": "Prisma", 
  "ProtocolName": "fmap_acq-2.5mm", 
  "PhaseEncodingDirection": "i", 
  "RepetitionTime": 0.675, 
  "MagneticFieldStrength": 3, 
  "PhaseEncodingSteps": 96, 
  "AcquisitionNumber": 1, 
  "InstitutionName": "Dartmouth_College_-_PBS", 
  "DwellTime": 8.8e-06, 
  "BodyPartExamined": "BRAIN", 
  "dcmmeta_slice_dim": 2, 
  "ReceiveCoilActiveElements": "HEA;HEP", 
  "SeriesDescription": "fmap_acq-2.5mm", 
  "ConversionSoftware": "dcm2niix", 
  "ScanningSequence": "GR", 
  "Manufacturer": "Siemens", 
  "PercentPhaseFOV": 100, 
  "global": {
    "const": {
      "AccessionNumber": "A000457", 
      "WindowCenterWidthExplanation": "Algo1", 
      "Rows": 96, 
      "SeriesNumber": 7, 
      "VariableFlipAngleFlag": "N", 
      "SeriesTime": "153054.812000", 
      "NumberOfAverages": 1.0, 
      "PhotometricInterpretation": "MONOCHROME2", 
      "AcquisitionMatrix": [
        0, 
        96, 
        96, 
        0
      ], 
      "PositionReferenceIndicator": "", 
      "PercentPhaseFieldOfView": 100.0, 
      "RescaleType": "US", 
      "TransmitCoilName": "Body", 
      "Columns": 96, 
      "PixelSpacing": [
        2.5, 
        2.5
      ], 
      "RepetitionTime": 675.0, 
      "BodyPartExamined": "BRAIN", 
      "SpecificCharacterSet": "ISO_IR 100", 
      "EchoNumbers": 2, 
      "ImagedNucleus": "1H", 
      "MRAcquisitionType": "2D", 
      "ImageOrientationPatient": [
        0.999976777921, 
        -0.0039808614452, 
        -0.0055313977334, 
        0.00331606066617, 
        0.99331479404689, 
        -0.1153894434914
      ], 
      "HighBit": 11, 
      "AcquisitionNumber": 1, 
      "RescaleSlope": 2.0, 
      "StudyTime": "152148.263000", 
      "EchoTrainLength": 0, 
      "SoftwareVersions": "syngo MR E11", 
      "BitsStored": 12, 
      "SAR": 0.12242626853556, 
      "AngioFlag": "N", 
      "PixelBandwidth": 590.0, 
      "ScanningSequence": "GR", 
      "Manufacturer": "SIEMENS", 
      "FlipAngle": 60.0, 
      "SamplesPerPixel": 1, 
      "SeriesDescription": "fmap_acq-2.5mm", 
      "SequenceName": "*fm2d2r", 
      "MagneticFieldStrength": 3.0, 
      "PercentSampling": 100.0, 
      "SpacingBetweenSlices": 2.5, 
      "dBdt": 0.0, 
      "ImageType": [
        "ORIGINAL", 
        "PRIMARY", 
        "P", 
        "ND"
      ], 
      "EchoTime": 7.38, 
      "SequenceVariant": "SP", 
      "BitsAllocated": 16, 
      "PerformedProcedureStepStartTime": "152148.325000", 
      "ImagingFrequency": 123.252356, 
      "RescaleIntercept": -4096.0, 
      "NumberOfPhaseEncodingSteps": 96, 
      "ProtocolName": "fmap_acq-2.5mm", 
      "InPlanePhaseEncodingDirection": "ROW", 
      "StudyID": "1", 
      "ManufacturerModelName": "Prisma", 
      "PixelRepresentation": 0, 
      "Modality": "MR", 
      "SliceThickness": 2.5
    }, 
