{
  "AcquisitionMatrixPE": 96,
  "AcquisitionNumber": 1,
  "AcquisitionTime": "17:30:39.250000",
  "BandwidthPerPixelPhaseEncode": 18.939,
  "BaseResolution": 96,
  "BodyPartExamined": "BRAIN",
  "ConsistencyInfo": "N4_VE11C_LATEST_20160120",
  "ConversionSoftware": "dcm2niix",
  "ConversionSoftwareVersion": "v1.0.20170923 (OpenJPEG build) GCC6.3.0",
  "DerivedVendorReportedEchoSpacing": 0.000550011,
  "DeviceSerialNumber": "66112",
  "DwellTime": 2.3e-06,
  "EchoTime": 0.033,
  "EchoTrainLength": 96,
  "EffectiveEchoSpacing": 0.000550011,
  "FlipAngle": 64,
  "ImageType": [
    "ORIGINAL",
    "PRIMARY",
    "FMRI",
    "NONE",
    "ND",
    "NORM",
    "MOSAIC"
],
  "InstitutionAddress": "Maynard_3_Hanover_NH_US_03755",
  "InstitutionName": "Dartmouth_College_-_PBS",
  "MagneticFieldStrength": 3,
  "Manufacturer": "Siemens",
  "ManufacturersModelName": "Prisma",
  "Modality": "MR",
  "MultibandAccelerationFactor": 4,
  "PartialFourier": 1,
  "PercentPhaseFOV": 100,
  "PhaseEncodingDirection": "j-",
  "PhaseEncodingSteps": 96,
  "PhaseResolution": 1,
  "ProcedureStepDescription": "Gobbini_Matteo_1017_famface-angles",
  "ProtocolName": "func_run-03_task-fam1back",
  "PulseSequenceDetails": "%SiemensSeq%_ep2d_bold",
  "ReceiveCoilActiveElements": "HEA;HEP",
  "ReceiveCoilName": "Head_32",
  "ReconMatrixPE": 96,
  "RepetitionTime": 1.25,
  "ScanOptions": "FS",
  "ScanningSequence": "EP",
  "SequenceName": "_epfid2d1_96",
  "SequenceVariant": "SK",
  "SeriesDescription": "func_run-03_task-fam1back",
  "SliceTiming": [0.8775, 0, 0.615, 0.0875, 0.7025, 0.175, 0.79, 0.35, 0.965, 0.4375, 1.0525, 0.5275, 1.14, 0.2625, 0.8775, 0, 0.615, 0.0875, 0.7025, 0.175, 0.79, 0.35, 0.965, 0.4375, 1.0525, 0.5275, 1.14, 0.2625, 0.8775, 0, 0.615, 0.0875, 0.7025, 0.175, 0.79, 0.35, 0.965, 0.4375, 1.0525, 0.5275, 1.14, 0.2625, 0.8775, 0, 0.615, 0.0875, 0.7025, 0.175, 0.79, 0.35, 0.965, 0.4375, 1.0525, 0.5275, 1.14, 0.2625],
  "SoftwareVersions": "syngo_MR_E11",
  "StationName": "AWP66112",
  "TaskName": "fam1back",
  "TotalReadoutTime": 0.0522511,
  "dcmmeta_affine": [
    [-2.4963953495025635, -0.10681237280368805, 0.0812472403049469, 129.85928344726562],
    [-0.10800638049840927, 2.497415781021118, -0.03534572571516037, -94.96044921875],
    [0.07965310662984848, 0.03880485147237778, 2.498429298400879, -97.97564697265625],
    [0.0, 0.0, 0.0, 1.0]
],
  "dcmmeta_reorient_transform": [
    [0.0, -1.0, 0.0, 95.0],
    [1.0, 0.0, 0.0, 0.0],
    [0.0, 0.0, 1.0, 0.0],
    [0.0, 0.0, 0.0, 1.0]
],
  "dcmmeta_shape": [96, 96, 56, 280],
  "dcmmeta_slice_dim": 2,
  "dcmmeta_version": 0.6,
  "global": {
    "const": {
      "AccessionNumber": "A000288",
      "AcquisitionMatrix": [96, 0, 0, 96],
      "AngioFlag": "N",
      "BitsAllocated": 16,
      "BitsStored": 12,
      "BodyPartExamined": "BRAIN",
      "Columns": 768,
      "EchoNumbers": 1,
      "EchoTime": 33.0,
      "EchoTrainLength": 96,
      "FlipAngle": 64.0,
      "HighBit": 11,
      "ImageOrientationPatient": [0.99855816080821, 0.0432025534305, 0.03186124386161, -0.0427249486984, 0.99896628978956, -0.0155219400461],
      "ImagePositionPatient": [-922.61200387232, -1017.7158751205, -108.01419998561],
      "ImageType": [
        "ORIGINAL",
        "PRIMARY",
        "FMRI",
        "NONE",
        "ND",
        "NORM",
        "MOSAIC"
],
      "ImagedNucleus": "1H",
      "ImagingFrequency": 123.252407,
      "InPlanePhaseEncodingDirection": "COL",
      "MRAcquisitionType": "2D",
      "MagneticFieldStrength": 3.0,
      "Manufacturer": "SIEMENS",
      "ManufacturerModelName": "Prisma",
      "Modality": "MR",
      "NumberOfAverages": 1.0,
      "NumberOfPhaseEncodingSteps": 96,
      "PercentPhaseFieldOfView": 100.0,
      "PercentSampling": 100.0,
      "PerformedProcedureStepStartTime": "165832.023000",
      "PhotometricInterpretation": "MONOCHROME2",
      "PixelBandwidth": 2265.0,
      "PixelRepresentation": 0,
      "PixelSpacing": [2.5, 2.5],
      "PositionReferenceIndicator": "",
      "ProtocolName": "func_run-03_task-fam1back",
      "RepetitionTime": 1250.0,
      "Rows": 768,
      "SAR": 0.0521049680728,
      "SamplesPerPixel": 1,
      "ScanOptions": "FS",
      "ScanningSequence": "EP",
      "SequenceName": "*epfid2d1_96",
      "SequenceVariant": "SK",
      "SeriesDescription": "func_run-03_task-fam1back",
      "SeriesNumber": 25,
      "SeriesTime": "173040.278000",
      "SliceLocation": -92.351232499625,
      "SliceThickness": 2.5,
      "SmallestImagePixelValue": 0,
      "SoftwareVersions": "syngo MR E11",
      "SpacingBetweenSlices": 2.4999999647722,
      "SpecificCharacterSet": "ISO_IR 100",
      "StudyID": "1",
      "StudyTime": "165831.981000",
      "TransmitCoilName": "Body",
      "VariableFlipAngleFlag": "N",
      "WindowCenterWidthExplanation": "Algo1",
      "dBdt": 0.0},
