{
  "EchoTime1": 0.00492, 
  "EchoTime2": 0.00738, 
  "dcmmeta_affine": [
    [
      -2.4954535961151123, 
      -0.07406333833932877, 
      0.13124608993530273, 
      122.51380920410156
    ], 
    [
      -0.06766189634799957, 
      2.496100664138794, 
      0.12207984924316406, 
      -98.80909729003906
    ], 
    [
      0.1346578150987625, 
      -0.11830530315637589, 
      2.4935684204101562, 
      -93.82170104980469
    ], 
    [
      0.0, 
      0.0, 
      0.0, 
      1.0
    ]
  ], 
  "ConsistencyInfo": "N4_VE11C_LATEST_20160120", 
  "ProcedureStepDescription": "Gobbini_Matteo_1017_famface-angles", 
  "DeviceSerialNumber": "66112", 
  "AcquisitionMatrixPE": 96, 
  "dcmmeta_reorient_transform": [
    [
      0.0, 
      -1.0, 
      0.0, 
      95.0
    ], 
    [
      1.0, 
      0.0, 
      0.0, 
      0.0
    ], 
    [
      0.0, 
      0.0, 
      -1.0, 
      55.0
    ], 
    [
      0.0, 
      0.0, 
      0.0, 
      1.0
    ]
  ], 
  "ManufacturersModelName": "Prisma", 
  "ProtocolName": "fmap_acq-2.5mm", 
  "PhaseEncodingDirection": "i", 
  "RepetitionTime": 0.675, 
  "MagneticFieldStrength": 3, 
  "PhaseEncodingSteps": 96, 
  "AcquisitionNumber": 1, 
  "InstitutionName": "Dartmouth_College_-_PBS", 
  "DwellTime": 8.8e-06, 
  "BodyPartExamined": "BRAIN", 
  "dcmmeta_slice_dim": 2, 
  "ReceiveCoilActiveElements": "HEA;HEP", 
  "SeriesDescription": "fmap_acq-2.5mm", 
  "ConversionSoftware": "dcm2niix", 
  "ScanningSequence": "GR", 
  "Manufacturer": "Siemens", 
  "PercentPhaseFOV": 100, 
  "global": {
    "const": {
      "AccessionNumber": "A000624", 
      "WindowCenterWidthExplanation": "Algo1", 
      "Rows": 96, 
      "SeriesNumber": 7, 
      "VariableFlipAngleFlag": "N", 
      "SeriesTime": "101436.734000", 
      "NumberOfAverages": 1.0, 
      "PhotometricInterpretation": "MONOCHROME2", 
      "AcquisitionMatrix": [
        0, 
        96, 
        96, 
        0
      ], 
      "PositionReferenceIndicator": "", 
      "PercentPhaseFieldOfView": 100.0, 
      "RescaleType": "US", 
      "TransmitCoilName": "Body", 
      "Columns": 96, 
      "PixelSpacing": [
        2.5, 
        2.5
      ], 
      "RepetitionTime": 675.0, 
      "BodyPartExamined": "BRAIN", 
      "SpecificCharacterSet": "ISO_IR 100", 
      "EchoNumbers": 2, 
      "ImagedNucleus": "1H", 
      "MRAcquisitionType": "2D", 
      "ImageOrientationPatient": [
        0.9981814778253, 
        0.02706475765361, 
        0.05386312485967, 
        -0.02962533539, 
        0.99844026176338, 
        0.04732212160192
      ], 
      "HighBit": 11, 
      "AcquisitionNumber": 1, 
      "RescaleSlope": 2.0, 
      "StudyTime": "095908.099000", 
      "EchoTrainLength": 0, 
      "SoftwareVersions": "syngo MR E11", 
      "BitsStored": 12, 
      "SAR": 0.11133040350873, 
      "AngioFlag": "N", 
      "PixelBandwidth": 590.0, 
      "ScanningSequence": "GR", 
      "Manufacturer": "SIEMENS", 
      "FlipAngle": 60.0, 
      "SamplesPerPixel": 1, 
      "SeriesDescription": "fmap_acq-2.5mm", 
      "SequenceName": "*fm2d2r", 
      "MagneticFieldStrength": 3.0, 
      "PercentSampling": 100.0, 
      "SpacingBetweenSlices": 2.5, 
      "dBdt": 0.0, 
      "ImageType": [
        "ORIGINAL", 
        "PRIMARY", 
        "P", 
        "ND"
      ], 
      "EchoTime": 7.38, 
      "SequenceVariant": "SP", 
      "BitsAllocated": 16, 
      "PerformedProcedureStepStartTime": "095908.147000", 
      "ImagingFrequency": 123.252394, 
      "RescaleIntercept": -4096.0, 
      "NumberOfPhaseEncodingSteps": 96, 
      "ProtocolName": "fmap_acq-2.5mm", 
      "InPlanePhaseEncodingDirection": "ROW", 
      "StudyID": "2", 
      "ManufacturerModelName": "Prisma", 
      "PixelRepresentation": 0, 
      "Modality": "MR", 
      "SliceThickness": 2.5
    }, 
